GEM
  specs:
    colorize (1.1.0)
    concurrent-ruby (1.3.4)
    csv (3.3.0)
    i18n (1.14.6)
      concurrent-ruby (~> 1.0)

PLATFORMS
  ruby
  x86_64-linux

DEPENDENCIES
  colorize
  csv
  i18n

BUNDLED WITH
   2.5.11
